GEM
  remote: https://rubygems.org/
  specs:
    byebug (5.0.0)
      columnize (= 0.9.0)
    columnize (0.9.0)
    mini_portile (0.6.2)
    nokogiri (1.6.6.2)
      mini_portile (~> 0.6.0)
    rack (1.6.1)
    sinatra (1.1.0)
      rack (~> 1.1)
      tilt (~> 1.1)
    teecket (0.0.5)
      nokogiri (~> 1.6, >= 1.6.6.2)
      terminal-table (~> 1.4, >= 1.4.5)
    terminal-table (1.4.5)
    tilt (1.4.1)

PLATFORMS
  ruby

DEPENDENCIES
  byebug
  sinatra (= 1.1.0)
  teecket (= 0.0.5)

BUNDLED WITH
   1.10.3
