GIT
  remote: git://github.com/k4ml/teecket.git
  revision: 22f3e3ef7d52a8048c20aec16ca8456786ed7155
  branch: return-output
  specs:
    teecket (0.0.4)
      nokogiri (~> 1.6, >= 1.6.6.2)
      terminal-table (~> 1.4, >= 1.4.5)

GEM
  remote: https://rubygems.org/
  specs:
    mini_portile (0.6.2)
    nokogiri (1.6.6.2)
      mini_portile (~> 0.6.0)
    rack (1.6.1)
    sinatra (1.1.0)
      rack (~> 1.1)
      tilt (~> 1.1)
    terminal-table (1.4.5)
    tilt (1.4.1)

PLATFORMS
  ruby

DEPENDENCIES
  sinatra (= 1.1.0)
  teecket!

BUNDLED WITH
   1.10.3
